PATH
  remote: .
  specs:
    the_captain (0.30.0)
      activesupport (~> 4.2)
      faraday (~> 0.9)
      hashie (~> 3.5)
      json (~> 1.8)
      oj (~> 2.18)
      typhoeus

GEM
  remote: https://rubygems.org/
  specs:
    activesupport (4.2.9)
      i18n (~> 0.7)
      minitest (~> 5.1)
      thread_safe (~> 0.3, >= 0.3.4)
      tzinfo (~> 1.1)
    addressable (2.4.0)
    byebug (8.2.1)
    crack (0.4.3)
      safe_yaml (~> 1.0.0)
    diff-lcs (1.3)
    docile (1.1.5)
    dotenv (2.2.0)
    ethon (0.10.1)
      ffi (>= 1.3.0)
    faker (1.7.2)
      i18n (~> 0.5)
    faraday (0.12.2)
      multipart-post (>= 1.2, < 3)
    ffi (1.9.18)
    hashdiff (0.2.3)
    hashie (3.5.6)
    i18n (0.7.0)
    json (1.8.3)
    minitest (5.10.3)
    multi_json (1.10.1)
    multipart-post (2.0.0)
    oj (2.18.5)
    rake (10.0.3)
    redcarpet (2.2.2)
    rspec (3.6.0)
      rspec-core (~> 3.6.0)
      rspec-expectations (~> 3.6.0)
      rspec-mocks (~> 3.6.0)
    rspec-core (3.6.0)
      rspec-support (~> 3.6.0)
    rspec-expectations (3.6.0)
      diff-lcs (>= 1.2.0, < 2.0)
      rspec-support (~> 3.6.0)
    rspec-mocks (3.6.0)
      diff-lcs (>= 1.2.0, < 2.0)
      rspec-support (~> 3.6.0)
    rspec-support (3.6.0)
    safe_yaml (1.0.4)
    simplecov (0.11.1)
      docile (~> 1.1.0)
      json (~> 1.8)
      simplecov-html (~> 0.10.0)
    simplecov-html (0.10.0)
    thread_safe (0.3.6)
    timecop (0.8.0)
    typhoeus (1.1.2)
      ethon (>= 0.9.0)
    tzinfo (1.2.3)
      thread_safe (~> 0.1)
    webmock (1.22.3)
      addressable (>= 2.3.6)
      crack (>= 0.3.2)
      hashdiff
    yard (0.8.5.2)

PLATFORMS
  ruby

DEPENDENCIES
  byebug
  dotenv
  faker
  multi_json
  rake
  redcarpet
  rspec (~> 3.4)
  simplecov
  the_captain!
  timecop
  webmock (~> 1.22)
  yard

BUNDLED WITH
   1.13.7
