PATH
  remote: .
  specs:
    the-captain (0.3.1)
      faraday (~> 0.9.2)
      hashie (~> 3.4.3)
      json (~> 1.8.3)
      oj (~> 2.14.2)
      typhoeus

GEM
  remote: https://rubygems.org/
  specs:
    activesupport (4.0.0)
      i18n (~> 0.6, >= 0.6.4)
      minitest (~> 4.2)
      multi_json (~> 1.3)
      thread_safe (~> 0.1)
      tzinfo (~> 0.3.37)
    addressable (2.4.0)
    byebug (8.2.1)
    codeclimate-test-reporter (0.4.8)
      simplecov (>= 0.7.1, < 1.0.0)
    crack (0.4.3)
      safe_yaml (~> 1.0.0)
    diff-lcs (1.2.5)
    docile (1.1.5)
    ethon (0.8.0)
      ffi (>= 1.3.0)
    factory_girl (4.2.0)
      activesupport (>= 3.0.0)
    faker (1.1.2)
      i18n (~> 0.5)
    faraday (0.9.2)
      multipart-post (>= 1.2, < 3)
    ffi (1.9.10)
    hashdiff (0.2.3)
    hashie (3.4.3)
    i18n (0.6.11)
    json (1.8.3)
    minitest (4.7.5)
    multi_json (1.10.1)
    multipart-post (2.0.0)
    oj (2.14.2)
    rake (10.0.3)
    redcarpet (2.2.2)
    rspec (3.4.0)
      rspec-core (~> 3.4.0)
      rspec-expectations (~> 3.4.0)
      rspec-mocks (~> 3.4.0)
    rspec-core (3.4.1)
      rspec-support (~> 3.4.0)
    rspec-expectations (3.4.0)
      diff-lcs (>= 1.2.0, < 2.0)
      rspec-support (~> 3.4.0)
    rspec-mocks (3.4.0)
      diff-lcs (>= 1.2.0, < 2.0)
      rspec-support (~> 3.4.0)
    rspec-support (3.4.1)
    safe_yaml (1.0.4)
    simplecov (0.11.1)
      docile (~> 1.1.0)
      json (~> 1.8)
      simplecov-html (~> 0.10.0)
    simplecov-html (0.10.0)
    thread_safe (0.3.4)
    timecop (0.8.0)
    typhoeus (0.8.0)
      ethon (>= 0.8.0)
    tzinfo (0.3.41)
    vcr (3.0.1)
    webmock (1.22.3)
      addressable (>= 2.3.6)
      crack (>= 0.3.2)
      hashdiff
    yard (0.8.5.2)

PLATFORMS
  ruby

DEPENDENCIES
  byebug
  codeclimate-test-reporter
  factory_girl
  faker
  rake
  redcarpet
  rspec (~> 3.4.0)
  the-captain!
  timecop
  vcr (~> 3.0.1)
  webmock (~> 1.22.3)
  yard

BUNDLED WITH
   1.13.6
